GEM
  remote: https://rubygems.org/
  specs:
    rack (3.1.13)

PLATFORMS
  arm64-darwin-24

DEPENDENCIES
  rack

BUNDLED WITH
   2.7.0.dev
